GEM
  remote: https://rubygems.org/
  specs:
    redis (3.2.1)

PLATFORMS
  ruby

DEPENDENCIES
  bundler (>= 1.3.4)
  redis
